PATH
  remote: .
  specs:
    marubatu (0.1.0)
      thor

GEM
  remote: https://rubygems.org/
  specs:
    minitest (5.10.1)
    rake (10.5.0)
    thor (0.20.0)

PLATFORMS
  ruby

DEPENDENCIES
  bundler (~> 1.16)
  marubatu!
  minitest (~> 5.0)
  rake (~> 10.0)

BUNDLED WITH
   1.16.1
